PATH
  remote: .
  specs:
    stress_release_yoga (0.1.0)
      nokogiri (>= 1.11.0)

GEM
  remote: https://rubygems.org/
  specs:
    coderay (1.1.3)
    method_source (1.0.0)
    mini_portile2 (2.8.0)
    nokogiri (1.13.9)
      mini_portile2 (~> 2.8.0)
      racc (~> 1.4)
    pry (0.14.1)
      coderay (~> 1.1)
      method_source (~> 1.0)
    racc (1.6.0)
    rake (12.3.3)

PLATFORMS
  ruby

DEPENDENCIES
  bundler (~> 2.0)
  nokogiri (>= 1.11.0)
  pry
  rake (~> 12.3, >= 12.3.3)
  stress_release_yoga!

BUNDLED WITH
   2.1.4
